GEM
  remote: http://rubygems.org/
  specs:
    bubble-wrap (1.0.0)
    rake (0.9.2.2)
    teacup (0.3.10)
      rake

PLATFORMS
  ruby

DEPENDENCIES
  bubble-wrap (~> 1.0.0)
  rake
  teacup
