GIT
  remote: https://github.com/rubymotion/BubbleWrap.git
  revision: e0da3868bd4ea5de3c756bae3d0aab91624d3016
  specs:
    bubble-wrap (1.1.3)

GEM
  remote: http://rubygems.org/
  specs:
    rake (0.9.2.2)
    teacup (0.3.10)
      rake

PLATFORMS
  ruby

DEPENDENCIES
  bubble-wrap (~> 1.1.3)!
  rake
  teacup
